GEM
  remote: https://rubygems.org/
  specs:
    bson (4.7.1)
    mongo (2.11.3)
      bson (>= 4.4.2, < 5.0.0)
    ruby-progressbar (1.10.1)

PLATFORMS
  ruby

DEPENDENCIES
  mongo
  ruby-progressbar

BUNDLED WITH
   2.1.4
